GEM
  remote: https://rubygems.org/
  specs:
    json_pure (1.8.2)
    power_assert (1.1.3)
    rake (12.3.1)
    test-unit (3.2.8)
      power_assert

PLATFORMS
  ruby

DEPENDENCIES
  json_pure
  rake
  test-unit

BUNDLED WITH
   1.16.2
