GEM
  remote: https://rubygems.org/
  specs:
    json_pure (2.2.0)
    power_assert (1.1.6)
    rake (13.0.1)
    test-unit (3.3.5)
      power_assert

PLATFORMS
  ruby

DEPENDENCIES
  json_pure
  rake
  test-unit

BUNDLED WITH
   1.17.3
