GEM
  remote: https://rubygems.org/
  specs:
    json_pure (1.8.2)

PLATFORMS
  ruby

DEPENDENCIES
  json_pure
